PATH
  remote: .
  specs:
    zenflow (0.8.3)
      colored (~> 1.2)
      httparty (~> 0.11.0)
      multi_json
      terminal-table (~> 1.4.5)
      thor (~> 0.18.1)

GEM
  remote: http://rubygems.org/
  specs:
    addressable (2.3.5)
    coderay (1.0.9)
    colored (1.2)
    colorize (0.5.8)
    coveralls (0.6.7)
      colorize
      multi_json (~> 1.3)
      rest-client
      simplecov (>= 0.7)
      thor
    crack (0.4.0)
      safe_yaml (~> 0.9.0)
    diff-lcs (1.2.4)
    ffi (1.9.0)
    formatador (0.2.4)
    fuubar (1.1.1)
      rspec (~> 2.0)
      rspec-instafail (~> 0.2.0)
      ruby-progressbar (~> 1.0)
    guard (1.8.1)
      formatador (>= 0.2.4)
      listen (>= 1.0.0)
      lumberjack (>= 1.0.2)
      pry (>= 0.9.10)
      thor (>= 0.14.6)
    guard-rspec (3.0.2)
      guard (>= 1.8)
      rspec (~> 2.13)
    httparty (0.11.0)
      multi_json (~> 1.0)
      multi_xml (>= 0.5.2)
    listen (1.2.2)
      rb-fsevent (>= 0.9.3)
      rb-inotify (>= 0.9)
      rb-kqueue (>= 0.2)
    lumberjack (1.0.4)
    method_source (0.8.1)
    mime-types (1.23)
    multi_json (1.7.7)
    multi_xml (0.5.5)
    pry (0.9.12.2)
      coderay (~> 1.0.5)
      method_source (~> 0.8)
      slop (~> 3.4)
    rb-fsevent (0.9.3)
    rb-inotify (0.9.0)
      ffi (>= 0.5.0)
    rb-kqueue (0.2.0)
      ffi (>= 0.5.0)
    rest-client (1.6.7)
      mime-types (>= 1.16)
    rspec (2.14.0)
      rspec-core (~> 2.14.0)
      rspec-expectations (~> 2.14.0)
      rspec-mocks (~> 2.14.0)
    rspec-core (2.14.0)
    rspec-expectations (2.14.0)
      diff-lcs (>= 1.1.3, < 2.0)
    rspec-instafail (0.2.4)
    rspec-mocks (2.14.1)
    ruby-progressbar (1.1.1)
    safe_yaml (0.9.4)
    simplecov (0.7.1)
      multi_json (~> 1.0)
      simplecov-html (~> 0.7.1)
    simplecov-html (0.7.1)
    slop (3.4.5)
    terminal-table (1.4.5)
    thor (0.18.1)
    vcr (2.5.0)
    webmock (1.13.0)
      addressable (>= 2.2.7)
      crack (>= 0.3.2)

PLATFORMS
  ruby

DEPENDENCIES
  coveralls
  fuubar (~> 1.1.1)
  guard-rspec (~> 3.0.2)
  rspec (~> 2.14)
  simplecov (~> 0.7.1)
  vcr (~> 2.5.0)
  webmock (~> 1.13.0)
  zenflow!
